GEM
  remote: https://rubygems.org/
  specs:
    dotenv (2.0.1)
    httparty (0.13.5)
      json (~> 1.8)
      multi_xml (>= 0.5.2)
    json (1.8.3)
    libxml-ruby (2.8.0)
    minitest (5.7.0)
    multi_xml (0.5.5)
    rack (1.6.4)
    rack-protection (1.5.3)
      rack
    ratom (0.9.0)
      libxml-ruby (~> 2.6)
    sinatra (1.4.6)
      rack (~> 1.4)
      rack-protection (~> 1.4)
      tilt (>= 1.3, < 3)
    tilt (2.0.1)

PLATFORMS
  ruby

DEPENDENCIES
  dotenv
  httparty
  minitest
  ratom
  sinatra

BUNDLED WITH
   1.10.5
