GEM
  remote: https://rubygems.org/
  specs:
    addressable (2.3.8)
    crack (0.4.2)
      safe_yaml (~> 1.0.0)
    dalli (2.7.4)
    dotenv (2.0.1)
    httparty (0.13.5)
      json (~> 1.8)
      multi_xml (>= 0.5.2)
    json (1.8.3)
    libxml-ruby (2.8.0)
    memcachier (0.0.2)
    minitest (5.7.0)
    multi_xml (0.5.5)
    rack (1.6.4)
    rack-protection (1.5.3)
      rack
    ratom (0.9.0)
      libxml-ruby (~> 2.6)
    safe_yaml (1.0.4)
    sinatra (1.4.6)
      rack (~> 1.4)
      rack-protection (~> 1.4)
      tilt (>= 1.3, < 3)
    tilt (2.0.1)
    webmock (1.20.4)
      addressable (>= 2.3.6)
      crack (>= 0.3.2)

PLATFORMS
  ruby

DEPENDENCIES
  dalli
  dotenv
  httparty
  memcachier
  minitest
  ratom
  sinatra
  webmock

BUNDLED WITH
   1.10.5
